GEM
  remote: https://rubygems.org/
  specs:
    activesupport (4.0.3)
      i18n (~> 0.6, >= 0.6.4)
      minitest (~> 4.2)
      multi_json (~> 1.3)
      thread_safe (~> 0.1)
      tzinfo (~> 0.3.37)
    atomic (1.1.15)
    countries (0.9.3)
      currencies (~> 0.4.2)
    currencies (0.4.2)
    dimensions (1.3.0)
    httpi (2.1.0)
      rack
      rubyntlm (~> 0.3.2)
    i18n (0.6.9)
    mime-types (2.1)
    minitest (4.7.5)
    multi_json (1.9.0)
    rack (1.5.2)
    rubyntlm (0.3.4)
    sass (3.2.14)
    sass-globbing (1.1.0)
      sass (>= 3.1)
    thread_safe (0.2.0)
      atomic (>= 1.1.7, < 2)
    time_diff (0.3.0)
      activesupport
      i18n
    tzinfo (0.3.38)

PLATFORMS
  ruby

DEPENDENCIES
  countries
  dimensions
  httpi
  mime-types
  sass
  sass-globbing
  time_diff
